PATH
  remote: .
  specs:
    proto_pharm (0.7.0)
      activesupport (>= 5.2.0)
      directive
      grpc (>= 1.12.0, < 2)

GEM
  remote: https://rubygems.org/
  specs:
    activemodel (7.0.3.1)
      activesupport (= 7.0.3.1)
    activesupport (7.0.3.1)
      concurrent-ruby (~> 1.0, >= 1.0.2)
      i18n (>= 1.6, < 2)
      minitest (>= 5.1)
      tzinfo (~> 2.0)
    around_the_world (0.29.0)
      activesupport (>= 5.2.1)
    ast (2.4.1)
    byebug (11.1.1)
    coderay (1.1.2)
    concurrent-ruby (1.1.10)
    diff-lcs (1.4.4)
    directive (0.29.0)
      activemodel (>= 5.2.1)
      activesupport (>= 5.2.1)
      substance (= 0.29.0)
    faker (2.14.0)
      i18n (>= 1.6, < 2)
    google-protobuf (3.14.0)
    googleapis-common-protos-types (1.0.5)
      google-protobuf (~> 3.11)
    grpc (1.34.0)
      google-protobuf (~> 3.13)
      googleapis-common-protos-types (~> 1.0)
    grpc-tools (1.32.0)
    gruf (2.8.1)
      activesupport (> 4)
      concurrent-ruby (> 1)
      grpc (~> 1.10)
      grpc-tools (~> 1.10)
      slop (~> 4.6)
    i18n (1.12.0)
      concurrent-ruby (~> 1.0)
    method_source (0.9.2)
    minitest (5.16.2)
    parallel (1.20.1)
    parser (2.7.2.0)
      ast (~> 2.4.1)
    pry (0.12.2)
      coderay (~> 1.1.0)
      method_source (~> 0.9.0)
    pry-byebug (3.7.0)
      byebug (~> 11.0)
      pry (~> 0.10)
    rack (2.2.3)
    rainbow (3.0.0)
    rake (13.0.1)
    regexp_parser (1.8.2)
    rexml (3.2.5)
    rspec (3.9.0)
      rspec-core (~> 3.9.0)
      rspec-expectations (~> 3.9.0)
      rspec-mocks (~> 3.9.0)
    rspec-core (3.9.3)
      rspec-support (~> 3.9.3)
    rspec-expectations (3.9.4)
      diff-lcs (>= 1.2.0, < 2.0)
      rspec-support (~> 3.9.0)
    rspec-mocks (3.9.1)
      diff-lcs (>= 1.2.0, < 2.0)
      rspec-support (~> 3.9.0)
    rspec-support (3.9.4)
    rspice (0.25.2)
      faker (>= 1.8, < 3.0)
      rspec (~> 3.0)
    rubocop (0.92.0)
      parallel (~> 1.10)
      parser (>= 2.7.1.5)
      rainbow (>= 2.2.2, < 4.0)
      regexp_parser (>= 1.7)
      rexml
      rubocop-ast (>= 0.5.0)
      ruby-progressbar (~> 1.7)
      unicode-display_width (>= 1.4.0, < 2.0)
    rubocop-ast (1.1.1)
      parser (>= 2.7.1.5)
    rubocop-performance (1.8.1)
      rubocop (>= 0.87.0)
      rubocop-ast (>= 0.4.0)
    rubocop-rails (2.8.1)
      activesupport (>= 4.2.0)
      rack (>= 1.1)
      rubocop (>= 0.87.0)
    rubocop-rspec (1.43.2)
      rubocop (~> 0.87)
    ruby-progressbar (1.10.1)
    short_circu_it (0.29.0)
      activesupport (>= 5.2.1)
      around_the_world (= 0.29.0)
    slop (4.8.2)
    spicerack-styleguide (0.25.2)
      rubocop (~> 0.92.0)
      rubocop-performance (~> 1.8.0)
      rubocop-rails (~> 2.8.0)
      rubocop-rspec (~> 1.43.0)
    substance (0.29.0)
      activemodel (>= 5.2.1)
      activesupport (>= 5.2.1)
      short_circu_it (= 0.29.0)
      tablesalt (= 0.29.0)
      technologic (= 0.29.0)
    tablesalt (0.29.0)
      activemodel (>= 5.2.1)
      activesupport (>= 5.2.1)
    technologic (0.29.0)
      activesupport (>= 5.2.1)
      short_circu_it (= 0.29.0)
    tzinfo (2.0.5)
      concurrent-ruby (~> 1.0)
    unicode-display_width (1.7.0)

PLATFORMS
  ruby

DEPENDENCIES
  bundler
  faker
  grpc
  grpc-tools
  gruf
  proto_pharm!
  pry-byebug
  rake (>= 12.3.3)
  rspec (~> 3.0)
  rspice
  rubocop
  spicerack-styleguide

BUNDLED WITH
   2.1.4
